GEM
  remote: https://rubygems.org/
  specs:
    carray (1.5.9)
    carray-netcdf (1.0.14)
    coderay (1.1.3)
    method_source (1.1.0)
    numo-narray (0.9.2.1)
    pry (0.14.2)
      coderay (~> 1.1)
      method_source (~> 1.0)

PLATFORMS
  ruby
  x86_64-linux

DEPENDENCIES
  carray
  carray-netcdf
  numo-narray
  pry

RUBY VERSION
   ruby 3.3.0p0

BUNDLED WITH
   2.5.6
